GEM
  remote: https://rubygems.org/
  specs:
    byebug (3.5.1)
      columnize (~> 0.8)
      debugger-linecache (~> 1.2)
      slop (~> 3.6)
    columnize (0.8.9)
    debugger-linecache (1.2.0)
    json (1.8.1)
    kmeans (0.1.1)
    memory_profiler (0.0.4)
    narray (0.6.0.9)
    redis (3.1.0)
    slop (3.6.0)
    stopwords-filter (0.3.1)
    tf-idf-similarity (0.1.3)

PLATFORMS
  ruby

DEPENDENCIES
  byebug
  json
  kmeans
  memory_profiler
  narray
  redis
  stopwords-filter (~> 0.3.1)
  tf-idf-similarity (~> 0.1.3)
